GEM
  remote: https://rubygems.org/
  specs:
    activesupport (4.2.10)
      i18n (~> 0.7)
      minitest (~> 5.1)
      thread_safe (~> 0.3, >= 0.3.4)
      tzinfo (~> 1.1)
    addressable (2.5.2)
      public_suffix (>= 2.0.2, < 4.0)
    adsf (1.2.0)
      rack (>= 1.0.0)
    autoprefixer-rails (6.1.2)
      execjs
      json
    bootstrap-bookingsync-sass (0.0.13)
      bootstrap-sass (>= 3.3.5)
    bootstrap-sass (3.3.6)
      autoprefixer-rails (>= 5.2.1)
      sass (>= 3.3.4)
    celluloid (0.15.2)
      timers (~> 1.1.0)
    celluloid-io (0.15.0)
      celluloid (>= 0.15.0)
      nio4r (>= 0.5.0)
    coderay (1.1.0)
    colored (1.2)
    concurrent-ruby (1.0.5)
    cri (2.7.0)
      colored (~> 1.2)
    em-websocket (0.5.0)
      eventmachine (>= 0.12.9)
      http_parser.rb (~> 0.5.3)
    eventmachine (1.2.0.1)
    execjs (2.6.0)
    faraday (0.13.1)
      multipart-post (>= 1.2, < 3)
    faraday-http-cache (2.0.0)
      faraday (~> 0.8)
    ffi (1.10.0)
    formatador (0.2.4)
    github_changelog_generator (1.14.3)
      activesupport
      faraday-http-cache
      multi_json
      octokit (~> 4.6)
      rainbow (>= 2.1)
      rake (>= 10.0)
      retriable (~> 2.1)
    guard (2.5.1)
      formatador (>= 0.2.4)
      listen (~> 2.6)
      lumberjack (~> 1.0)
      pry (>= 0.9.12)
      thor (>= 0.18.1)
    guard-bundler (2.0.0)
      bundler (~> 1.0)
      guard (~> 2.2)
    guard-livereload (2.1.1)
      em-websocket (~> 0.5)
      guard (~> 2.0)
      multi_json (~> 1.8)
    guard-nanoc (1.0.2)
      guard (>= 1.8.0)
      nanoc (>= 3.6.3)
    guard-pow (2.0.0)
      guard (~> 2.0)
    http_parser.rb (0.5.3)
    i18n (0.9.1)
      concurrent-ruby (~> 1.0)
    json (2.1.0)
    kramdown (1.3.2)
    listen (2.7.0)
      celluloid (>= 0.15.2)
      celluloid-io (>= 0.15.0)
      rb-fsevent (>= 0.9.3)
      rb-inotify (>= 0.9)
    lumberjack (1.0.4)
    method_source (0.8.2)
    mini_portile2 (2.4.0)
    minitest (5.11.1)
    multi_json (1.9.0)
    multipart-post (2.0.0)
    nanoc (3.8.0)
      cri (~> 2.3)
    nanoc-sprockets3 (1.0.5)
      sprockets (~> 3.2, >= 3.0.0)
    nio4r (1.2.1)
    nokogiri (1.10.1)
      mini_portile2 (~> 2.4.0)
    octokit (4.8.0)
      sawyer (~> 0.8.0, >= 0.5.3)
    pry (0.9.12.6)
      coderay (~> 1.0)
      method_source (~> 0.8)
      slop (~> 3.4)
    public_suffix (3.0.1)
    pygments.rb (1.2.1)
      multi_json (>= 1.0.0)
    rack (2.0.6)
    rainbow (3.0.0)
    rake (11.1.2)
    rb-fsevent (0.9.4)
    rb-inotify (0.9.3)
      ffi (>= 0.5.0)
    retriable (2.1.0)
    sass (3.4.19)
    sawyer (0.8.1)
      addressable (>= 2.3.5, < 2.6)
      faraday (~> 0.8, < 1.0)
    slop (3.4.7)
    sprockets (3.7.2)
      concurrent-ruby (~> 1.0)
      rack (> 1, < 3)
    thor (0.18.1)
    thread_safe (0.3.6)
    timers (1.1.0)
    tzinfo (1.2.4)
      thread_safe (~> 0.1)
    uglifier (2.7.2)
      execjs (>= 0.3.0)
      json (>= 1.8.0)

PLATFORMS
  ruby

DEPENDENCIES
  adsf
  bootstrap-bookingsync-sass
  coderay
  github_changelog_generator
  guard-bundler
  guard-livereload
  guard-nanoc
  guard-pow
  kramdown
  nanoc
  nanoc-sprockets3
  nokogiri
  pygments.rb
  rake
  uglifier

BUNDLED WITH
   1.16.2
